PATH
  remote: .
  specs:
    dooca_commerce (1.0.6)
      faraday

GEM
  remote: https://rubygems.org/
  specs:
    faraday (2.3.0)
      faraday-net_http (~> 2.0)
      ruby2_keywords (>= 0.0.4)
    faraday-net_http (2.0.3)
    ruby2_keywords (0.0.5)

PLATFORMS
  x86_64-linux

DEPENDENCIES
  dooca_commerce!

BUNDLED WITH
   2.2.3
